GEM
  remote: http://rubygems.org/
  specs:
    albacore (0.3.4)
      rubyzip
    rake
    rubyzip (0.9.9)

PLATFORMS
  x86-mingw32

DEPENDENCIES
  albacore
  rake 
  rubyzip
